GEM
  remote: https://rubygems.org/
  specs:
    animate (0.1.0)
      compass (>= 0.13.alpha.0)
      sass (>= 3.2.0)
    chunky_png (1.2.7)
    compass (0.13.alpha.0)
      chunky_png (~> 1.2)
      fssm (>= 0.2.7)
      sass (~> 3.2.0.alpha.93)
    fssm (0.2.9)
    sass (3.2.5)

PLATFORMS
  ruby

DEPENDENCIES
  animate
